PATH
  remote: .
  specs:
    purview (0.1.0)
      OptionParser (~> 0.5.1)

GEM
  remote: https://rubygems.org/
  specs:
    OptionParser (0.5.1)
    minitest (5.10.1)
    rake (10.4.2)

PLATFORMS
  x64-mingw32

DEPENDENCIES
  bundler (~> 1.16)
  minitest (~> 5.0)
  purview!
  rake (~> 10.0)

BUNDLED WITH
   1.16.1
